GEM
  remote: https://rubygems.org/
  specs:
    minruby (1.0.4)

PLATFORMS
  ruby

DEPENDENCIES
  minruby

BUNDLED WITH
   1.17.2
